GEM
  remote: https://rubygems.org/
  specs:
    git (1.3.0)

PLATFORMS
  x64-mingw32

DEPENDENCIES
  git (= 1.3.0)

BUNDLED WITH
   1.13.7
